GEM
  remote: https://rubygems.org/
  specs:
    actioncable (7.2.2)
      actionpack (= 7.2.2)
      activesupport (= 7.2.2)
      nio4r (~> 2.0)
      websocket-driver (>= 0.6.1)
      zeitwerk (~> 2.6)
    actionmailbox (7.2.2)
      actionpack (= 7.2.2)
      activejob (= 7.2.2)
      activerecord (= 7.2.2)
      activestorage (= 7.2.2)
      activesupport (= 7.2.2)
      mail (>= 2.8.0)
    actionmailer (7.2.2)
      actionpack (= 7.2.2)
      actionview (= 7.2.2)
      activejob (= 7.2.2)
      activesupport (= 7.2.2)
      mail (>= 2.8.0)
      rails-dom-testing (~> 2.2)
    actionpack (7.2.2)
      actionview (= 7.2.2)
      activesupport (= 7.2.2)
      nokogiri (>= 1.8.5)
      racc
      rack (>= 2.2.4, < 3.2)
      rack-session (>= 1.0.1)
      rack-test (>= 0.6.3)
      rails-dom-testing (~> 2.2)
      rails-html-sanitizer (~> 1.6)
      useragent (~> 0.16)
    actiontext (7.2.2)
      actionpack (= 7.2.2)
      activerecord (= 7.2.2)
      activestorage (= 7.2.2)
      activesupport (= 7.2.2)
      globalid (>= 0.6.0)
      nokogiri (>= 1.8.5)
    actionview (7.2.2)
      activesupport (= 7.2.2)
      builder (~> 3.1)
      erubi (~> 1.11)
      rails-dom-testing (~> 2.2)
      rails-html-sanitizer (~> 1.6)
    activejob (7.2.2)
      activesupport (= 7.2.2)
      globalid (>= 0.3.6)
    activemodel (7.2.2)
      activesupport (= 7.2.2)
    activerecord (7.2.2)
      activemodel (= 7.2.2)
      activesupport (= 7.2.2)
      timeout (>= 0.4.0)
    activestorage (7.2.2)
      actionpack (= 7.2.2)
      activejob (= 7.2.2)
      activerecord (= 7.2.2)
      activesupport (= 7.2.2)
      marcel (~> 1.0)
    activesupport (7.2.2)
      base64
      benchmark (>= 0.3)
      bigdecimal
      concurrent-ruby (~> 1.0, >= 1.3.1)
      connection_pool (>= 2.2.5)
      drb
      i18n (>= 1.6, < 2)
      logger (>= 1.4.2)
      minitest (>= 5.1)
      securerandom (>= 0.3)
      tzinfo (~> 2.0, >= 2.0.5)
    addressable (2.8.1)
      public_suffix (>= 2.0.2, < 6.0)
    after_commit_everywhere (1.3.0)
      activerecord (>= 4.2)
      activesupport
    argon2-kdf (0.2.0)
    autoprefixer-rails (10.4.19.0)
      execjs (~> 2)
    aws-eventstream (1.2.0)
    aws-partitions (1.709.0)
    aws-sdk-core (3.170.0)
      aws-eventstream (~> 1, >= 1.0.2)
      aws-partitions (~> 1, >= 1.651.0)
      aws-sigv4 (~> 1.5)
      jmespath (~> 1, >= 1.6.1)
    aws-sdk-kms (1.62.0)
      aws-sdk-core (~> 3, >= 3.165.0)
      aws-sigv4 (~> 1.1)
    aws-sdk-s3 (1.119.0)
      aws-sdk-core (~> 3, >= 3.165.0)
      aws-sdk-kms (~> 1)
      aws-sigv4 (~> 1.4)
    aws-sigv4 (1.5.2)
      aws-eventstream (~> 1, >= 1.0.2)
    base64 (0.2.0)
    bcrypt (3.1.18)
    benchmark (0.3.0)
    bigdecimal (3.1.8)
    bindex (0.8.1)
    blind_index (2.6.1)
      activesupport (>= 7)
      argon2-kdf (>= 0.2)
    bootsnap (1.16.0)
      msgpack (~> 1.2)
    bootstrap (5.3.3)
      autoprefixer-rails (>= 9.1.0)
      popper_js (>= 2.11.8, < 3)
    bootstrap-icons (1.0.14)
      nokogiri (~> 1)
    bootstrap-icons-helper (2.0.2)
      bootstrap-icons (~> 1)
      rails (>= 7.0)
    builder (3.2.4)
    capybara (3.40.0)
      addressable
      matrix
      mini_mime (>= 0.1.3)
      nokogiri (~> 1.11)
      rack (>= 1.6.0)
      rack-test (>= 0.6.3)
      regexp_parser (>= 1.5, < 3.0)
      xpath (~> 3.2)
    concurrent-ruby (1.3.4)
    connection_pool (2.4.1)
    crass (1.0.6)
    cssbundling-rails (1.1.2)
      railties (>= 6.0.0)
    csv (3.3.0)
    date (3.4.0)
    debug (1.9.2)
      irb (~> 1.10)
      reline (>= 0.3.8)
    drb (2.2.1)
    erubi (1.12.0)
    execjs (2.10.0)
    ffi (1.17.0-aarch64-linux-gnu)
    globalid (1.1.0)
      activesupport (>= 5.0)
    i18n (1.12.0)
      concurrent-ruby (~> 1.0)
    image_processing (1.13.0)
      mini_magick (>= 4.9.5, < 5)
      ruby-vips (>= 2.0.17, < 3)
    io-console (0.7.1)
    irb (1.14.1)
      rdoc (>= 4.0.0)
      reline (>= 0.4.2)
    jbuilder (2.13.0)
      actionview (>= 5.0.0)
      activesupport (>= 5.0.0)
    jmespath (1.6.2)
    jsbundling-rails (1.3.1)
      railties (>= 6.0.0)
    lockbox (2.0.0)
    logger (1.6.1)
    lograge (0.14.0)
      actionpack (>= 4)
      activesupport (>= 4)
      railties (>= 4)
      request_store (~> 1.0)
    logstash-event (1.2.02)
    logstash-logger (0.26.1)
      logstash-event (~> 1.2)
    loofah (2.23.1)
      crass (~> 1.0.2)
      nokogiri (>= 1.12.0)
    mail (2.8.1)
      mini_mime (>= 0.1.1)
      net-imap
      net-pop
      net-smtp
    marcel (1.0.4)
    matrix (0.4.2)
    mini_magick (4.13.2)
    mini_mime (1.1.2)
    minitest (5.20.0)
    msgpack (1.6.0)
    mysql2 (0.5.6)
    net-imap (0.5.0)
      date
      net-protocol
    net-pop (0.1.2)
      net-protocol
    net-protocol (0.2.2)
      timeout
    net-smtp (0.5.0)
      net-protocol
    nio4r (2.5.8)
    nokogiri (1.16.7-aarch64-linux)
      racc (~> 1.4)
    popper_js (2.11.8)
    psych (5.1.2)
      stringio
    public_suffix (5.0.1)
    puma (6.4.3)
      nio4r (~> 2.0)
    racc (1.7.3)
    rack (3.1.8)
    rack-cors (2.0.2)
      rack (>= 2.0.0)
    rack-session (2.0.0)
      rack (>= 3.0.0)
    rack-test (2.1.0)
      rack (>= 1.3)
    rackup (2.2.0)
      rack (>= 3)
    rails (7.2.2)
      actioncable (= 7.2.2)
      actionmailbox (= 7.2.2)
      actionmailer (= 7.2.2)
      actionpack (= 7.2.2)
      actiontext (= 7.2.2)
      actionview (= 7.2.2)
      activejob (= 7.2.2)
      activemodel (= 7.2.2)
      activerecord (= 7.2.2)
      activestorage (= 7.2.2)
      activesupport (= 7.2.2)
      bundler (>= 1.15.0)
      railties (= 7.2.2)
    rails-dom-testing (2.2.0)
      activesupport (>= 5.0.0)
      minitest
      nokogiri (>= 1.6)
    rails-html-sanitizer (1.6.0)
      loofah (~> 2.21)
      nokogiri (~> 1.14)
    railties (7.2.2)
      actionpack (= 7.2.2)
      activesupport (= 7.2.2)
      irb (~> 1.13)
      rackup (>= 1.0.0)
      rake (>= 12.2)
      thor (~> 1.0, >= 1.2.2)
      zeitwerk (~> 2.6)
    rake (13.1.0)
    rdoc (6.7.0)
      psych (>= 4.0.0)
    regexp_parser (2.6.2)
    reline (0.5.10)
      io-console (~> 0.5)
    request_store (1.7.0)
      rack (>= 1.4)
    rexml (3.3.9)
    roda (3.85.0)
      rack
    rodauth (2.27.0)
      roda (>= 2.6.0)
      sequel (>= 4)
    rodauth-model (0.2.1)
      rodauth (~> 2.0)
    rodauth-rails (1.7.1)
      bcrypt
      railties (>= 4.2, < 8)
      roda (~> 3.55)
      rodauth (~> 2.27)
      rodauth-model (~> 0.2)
      sequel-activerecord_connection (~> 1.1)
      tilt
    ruby-vips (2.2.2)
      ffi (~> 1.12)
      logger
    rubyzip (2.3.2)
    securerandom (0.3.1)
    selenium-webdriver (4.8.0)
      rexml (~> 3.2, >= 3.2.5)
      rubyzip (>= 1.2.2, < 3.0)
      websocket (~> 1.0)
    sequel (5.65.0)
    sequel-activerecord_connection (1.5.0)
      activerecord (>= 5.0, < 8)
      after_commit_everywhere (~> 1.1)
      sequel (~> 5.38)
    sprockets (4.2.1)
      concurrent-ruby (~> 1.0)
      rack (>= 2.2.4, < 4)
    sprockets-rails (3.5.2)
      actionpack (>= 6.1)
      activesupport (>= 6.1)
      sprockets (>= 3.0.0)
    stimulus-rails (1.2.1)
      railties (>= 6.0.0)
    stringio (3.1.1)
    thor (1.3.2)
    tilt (2.0.11)
    timeout (0.4.2)
    turbo-rails (2.0.11)
      actionpack (>= 6.0.0)
      railties (>= 6.0.0)
    tzinfo (2.0.6)
      concurrent-ruby (~> 1.0)
    useragent (0.16.10)
    web-console (4.2.1)
      actionview (>= 6.0.0)
      activemodel (>= 6.0.0)
      bindex (>= 0.4.0)
      railties (>= 6.0.0)
    webdrivers (5.3.1)
      nokogiri (~> 1.6)
      rubyzip (>= 1.3.0)
      selenium-webdriver (~> 4.0, < 4.11)
    websocket (1.2.9)
    websocket-driver (0.7.6)
      websocket-extensions (>= 0.1.0)
    websocket-extensions (0.1.5)
    xpath (3.2.0)
      nokogiri (~> 1.8)
    zeitwerk (2.6.6)

PLATFORMS
  aarch64-linux

DEPENDENCIES
  aws-sdk-s3
  bcrypt (~> 3.1.12)
  blind_index (~> 2.6.1)
  bootsnap
  bootstrap (~> 5.3.3)
  bootstrap-icons-helper
  capybara
  cssbundling-rails
  csv
  debug
  image_processing (~> 1.13.0)
  jbuilder
  jsbundling-rails
  lockbox (~> 2.0)
  lograge
  logstash-event
  logstash-logger
  mysql2 (~> 0.5.6)
  puma (~> 6.4.3)
  rack-cors (~> 2.0.2)
  rails (~> 7.2.2)
  rodauth-rails
  selenium-webdriver
  sprockets-rails
  stimulus-rails
  turbo-rails
  tzinfo-data
  web-console
  webdrivers

RUBY VERSION
   ruby 3.3.6p108

BUNDLED WITH
   2.5.22
